GEM
  remote: https://rubygems.org/
  specs:
    powder (0.3.0)
      thor (>= 0.11.5)
    thor (0.19.1)

PLATFORMS
  ruby

DEPENDENCIES
  powder
